GIT
  remote: https://github.com/sparklemotion/sqlite3-ruby
  revision: d94c42b0b8e5005ee28cde75a58e15ea5670d1c4
  specs:
    sqlite3 (1.3.13.20180326210955)

GEM
  remote: https://rubygems.org/
  specs:
    multi_json (1.15.0)
    mustermann (1.1.1)
      ruby2_keywords (~> 0.0.1)
    rack (2.2.3)
    rack-protection (2.1.0)
      rack
    ruby2_keywords (0.0.4)
    sinatra (2.1.0)
      mustermann (~> 1.0)
      rack (~> 2.2)
      rack-protection (= 2.1.0)
      tilt (~> 2.0)
    sinatra-contrib (2.1.0)
      multi_json
      mustermann (~> 1.0)
      rack-protection (= 2.1.0)
      sinatra (= 2.1.0)
      tilt (~> 2.0)
    sinatra-reloader (1.0)
      sinatra-contrib
    tilt (2.0.10)

PLATFORMS
  x64-mingw32

DEPENDENCIES
  sinatra
  sinatra-reloader
  sqlite3!

BUNDLED WITH
   2.1.4
